GIT
  remote: https://github.com/devrandom/net_dav.git
  revision: 6f748e8282aa26d9dc7214c1e0f3a4fcf09e6ae4
  specs:
    net_dav (0.5.0)
      nokogiri (>= 1.3.0)

GEM
  remote: https://rubygems.org/
  specs:
    boxr (0.13.0)
      hashie (~> 3.3)
      httpclient (~> 2.5)
      oj (~> 2.11)
    hashie (3.4.0)
    httpclient (2.6.0.1)
    log4r (1.1.10)
    mini_portile (0.6.0)
    netrc (0.8.0)
    nokogiri (1.6.3.1)
      mini_portile (= 0.6.0)
    nokogiri (1.6.3.1-x86-mingw32)
      mini_portile (= 0.6.0)
    oj (2.11.4)
    proxies (0.2.1)
    right_aws (3.1.0)
      right_http_connection (>= 1.2.5)
    right_http_connection (1.5.0)
    ruby-atmos-pure (1.0.5)
      log4r (>= 1.1.9)
      ruby-hmac (>= 0.4.0)
    ruby-hmac (0.4.0)
    s3 (0.3.21)
      proxies (~> 0.2.0)
    trollop (2.0)

PLATFORMS
  ruby
  x86-mingw32

DEPENDENCIES
  boxr
  net_dav!
  netrc
  right_aws
  ruby-atmos-pure
  s3
  trollop
